GEM
  remote: https://rubygems.org/
  specs:
    byebug (8.2.2)
    htmlentities (4.3.2)
    json (1.8.3)
    mail (2.5.4)
      mime-types (~> 1.16)
      treetop (~> 1.4.8)
    mime-types (1.25.1)
    polyglot (0.3.5)
    simple-rss (1.3.1)
    treetop (1.4.15)
      polyglot
      polyglot (>= 0.3.1)

PLATFORMS
  ruby

DEPENDENCIES
  byebug
  htmlentities
  json
  mail
  simple-rss (~> 1.3, >= 1.3.1)
