GEM
  remote: https://rubygems.org/
  specs:
    byebug (8.2.2)
    faker (1.1.2)
      i18n (~> 0.5)
    i18n (0.7.0)
    json (1.8.3)
    macaddr (1.7.1)
      systemu (~> 2.6.2)
    mail (2.5.4)
      mime-types (~> 1.16)
      treetop (~> 1.4.8)
    mime-types (1.25.1)
    mini_portile (0.6.2)
    nokogiri (1.6.6.2)
      mini_portile (~> 0.6.0)
    polyglot (0.3.5)
    simple-rss (1.3.1)
    systemu (2.6.5)
    treetop (1.4.15)
      polyglot
      polyglot (>= 0.3.1)
    uuid (2.3.8)
      macaddr (~> 1.0)

PLATFORMS
  ruby

DEPENDENCIES
  byebug
  faker
  json
  mail
  nokogiri
  simple-rss (~> 1.3, >= 1.3.1)
  uuid
